GEM
  remote: https://rubygems.org/
  specs:
    byebug (8.2.1)
    clipboard (1.0.6)
    coderay (1.1.0)
    colorize (0.7.7)
    method_source (0.8.2)
    mini_portile2 (2.0.0)
    nokogiri (1.6.7.1)
      mini_portile2 (~> 2.0.0.rc2)
    open-uri-cached (0.0.5)
    pry (0.10.3)
      coderay (~> 1.1.0)
      method_source (~> 0.8.1)
      slop (~> 3.4)
    pry-byebug (3.3.0)
      byebug (~> 8.0)
      pry (~> 0.10)
    slop (3.6.0)

PLATFORMS
  ruby

DEPENDENCIES
  clipboard (~> 1.0, >= 1.0.6)
  colorize (~> 0.7.7)
  nokogiri (~> 1.6, >= 1.6.7.1)
  open-uri-cached (~> 0.0.5)
  pry-byebug (~> 3.3)

BUNDLED WITH
   1.11.2
