GEM
  remote: https://rubygems.org/
  specs:
    leo_mp3_parser (0.0.04)

PLATFORMS
  ruby

DEPENDENCIES
  leo_mp3_parser

BUNDLED WITH
   1.14.4
