GEM
  remote: https://rubygems.org/
  specs:
    byebug (10.0.2)
    clipboard (1.1.2)
    coderay (1.1.2)
    colorize (0.8.1)
    diff-lcs (1.3)
    leo_mp3_parser (0.0.09)
    method_source (0.9.0)
    pry (0.11.3)
      coderay (~> 1.1.0)
      method_source (~> 0.9.0)
    pry-byebug (3.6.0)
      byebug (~> 10.0)
      pry (~> 0.10)
    rake (12.3.1)
    rspec (3.8.0)
      rspec-core (~> 3.8.0)
      rspec-expectations (~> 3.8.0)
      rspec-mocks (~> 3.8.0)
    rspec-core (3.8.0)
      rspec-support (~> 3.8.0)
    rspec-expectations (3.8.2)
      diff-lcs (>= 1.2.0, < 2.0)
      rspec-support (~> 3.8.0)
    rspec-mocks (3.8.0)
      diff-lcs (>= 1.2.0, < 2.0)
      rspec-support (~> 3.8.0)
    rspec-support (3.8.0)

PLATFORMS
  ruby

DEPENDENCIES
  clipboard
  colorize
  leo_mp3_parser
  pry-byebug
  rake
  rspec

BUNDLED WITH
   1.16.2
