GEM
  remote: https://rubygems.org/
  specs:
    byebug (11.1.2)
    clipboard (1.3.4)
    coderay (1.1.2)
    colorize (0.8.1)
    diff-lcs (1.3)
    leo_mp3_parser (0.0.10)
    method_source (1.0.0)
    pry (0.13.1)
      coderay (~> 1.1)
      method_source (~> 1.0)
    pry-byebug (3.9.0)
      byebug (~> 11.0)
      pry (~> 0.13.0)
    rake (13.0.1)
    rspec (3.9.0)
      rspec-core (~> 3.9.0)
      rspec-expectations (~> 3.9.0)
      rspec-mocks (~> 3.9.0)
    rspec-core (3.9.1)
      rspec-support (~> 3.9.1)
    rspec-expectations (3.9.1)
      diff-lcs (>= 1.2.0, < 2.0)
      rspec-support (~> 3.9.0)
    rspec-mocks (3.9.1)
      diff-lcs (>= 1.2.0, < 2.0)
      rspec-support (~> 3.9.0)
    rspec-support (3.9.2)

PLATFORMS
  ruby

DEPENDENCIES
  clipboard
  colorize
  leo_mp3_parser
  pry-byebug
  rake
  rspec

BUNDLED WITH
   2.0.2
